GEM
  remote: https://rubygems.org/
  specs:
    concurrent-ruby (1.1.10)
    concurrent-ruby-ext (1.1.10)
      concurrent-ruby (= 1.1.10)
    diff-lcs (1.5.0)
    ffi (1.15.5)
    fork (1.0.1)
    rspec (3.11.0)
      rspec-core (~> 3.11.0)
      rspec-expectations (~> 3.11.0)
      rspec-mocks (~> 3.11.0)
    rspec-core (3.11.0)
      rspec-support (~> 3.11.0)
    rspec-expectations (3.11.0)
      diff-lcs (>= 1.2.0, < 2.0)
      rspec-support (~> 3.11.0)
    rspec-mocks (3.11.1)
      diff-lcs (>= 1.2.0, < 2.0)
      rspec-support (~> 3.11.0)
    rspec-support (3.11.0)

PLATFORMS
  ruby

DEPENDENCIES
  concurrent-ruby
  concurrent-ruby-ext
  ffi
  fork
  rspec

BUNDLED WITH
   2.3.3
